PATH
  remote: .
  specs:
    git-semaphore (3.1.0)
      faraday (~> 0.15)
      nitlink (~> 1.1)
      rugged (~> 0.27)
      slop (~> 4.6)

GEM
  remote: https://rubygems.org/
  specs:
    ast (2.4.0)
    coderay (1.1.2)
    faraday (0.15.4)
      multipart-post (>= 1.2, < 3)
    interception (0.5)
    jaro_winkler (1.5.2)
    method_source (0.9.2)
    minitest (5.11.3)
    multipart-post (2.1.1)
    nitlink (1.1.0)
    parallel (1.14.0)
    parser (2.6.0.0)
      ast (~> 2.4.0)
    powerpack (0.1.2)
    pry (0.12.2)
      coderay (~> 1.1.0)
      method_source (~> 0.9.0)
    pry-rescue (1.5.0)
      interception (>= 0.5)
      pry (>= 0.12.0)
    psych (3.1.0)
    rainbow (3.0.0)
    rake (12.3.2)
    rubocop (0.65.0)
      jaro_winkler (~> 1.5.1)
      parallel (~> 1.10)
      parser (>= 2.5, != 2.5.1.1)
      powerpack (~> 0.1)
      psych (>= 3.1.0)
      rainbow (>= 2.2.2, < 4.0)
      ruby-progressbar (~> 1.7)
      unicode-display_width (~> 1.4.0)
    ruby-progressbar (1.10.0)
    rugged (0.28.2)
    slop (4.7.0)
    unicode-display_width (1.4.1)

PLATFORMS
  ruby

DEPENDENCIES
  bundler
  git-semaphore!
  minitest
  pry
  pry-rescue
  rake
  rubocop

BUNDLED WITH
   2.0.2
